PATH
  remote: .
  specs:
    codersdojo (1.5.15)
      flote (= 0.0.2)
      json (>= 1.4.6)
      rest-client (>= 1.6.1)
      shell-utils (= 0.1.1)
      term-ansicolor (>= 1.0.5)

GEM
  remote: http://rubygems.org/
  specs:
    diff-lcs (1.1.3)
    flote (0.0.2)
      shell-utils (= 0.1.1)
      term-ansicolor (>= 1.0.5)
    json (1.7.5)
    mime-types (1.19)
    rake (10.0.2)
    rest-client (1.6.7)
      mime-types (>= 1.16)
    rspec (2.12.0)
      rspec-core (~> 2.12.0)
      rspec-expectations (~> 2.12.0)
      rspec-mocks (~> 2.12.0)
    rspec-core (2.12.0)
    rspec-expectations (2.12.0)
      diff-lcs (~> 1.1.3)
    rspec-mocks (2.12.0)
    rubyzip (0.9.9)
    shell-utils (0.1.1)
      rubyzip (>= 0.9.4)
    term-ansicolor (1.0.7)
    watchr (0.7)

PLATFORMS
  ruby

DEPENDENCIES
  codersdojo!
  rake (~> 10.0.0)
  rspec (~> 2.0)
  watchr
